GEM
  remote: https://rubygems.org/
specs:
    addressable
    heroku
      launchy
      rest-client
      term-ansicolor
    launchy
      addressable
    mime-types
    rack
    rest-client
      mime-types
    term-ansicolor

PLATFORMS
  ruby

DEPENDENCIES
  heroku
  rack
  archive-tar-minitar
  nokogiri
  rcov
  hoe
